GEM
  remote: http://rubygems.org/
  specs:
    beanstalk-client (1.1.1)
    builder (3.0.0)
    cucumber (1.1.9)
      builder (>= 2.1.2)
      diff-lcs (>= 1.1.2)
      gherkin (~> 2.9.0)
      json (>= 1.4.6)
      term-ansicolor (>= 1.0.6)
    deferred (0.5.4)
      eventmachine (>= 0.12.10)
    diff-lcs (1.1.3)
    em-jack (0.1.5)
      eventmachine (>= 0.12.10)
    eventmachine (1.0.0.beta.4)
    foreman (0.46.0)
      thor (>= 0.13.6)
    gherkin (2.9.3)
      json (>= 1.4.6)
    git (1.2.5)
    ipaddress (0.8.0)
    jeweler (1.8.3)
      bundler (~> 1.0)
      git (>= 1.2.5)
      rake
      rdoc
    json (1.7.0)
    mixlib-cli (1.2.2)
    mixlib-config (1.1.2)
    mixlib-log (1.3.0)
    multi_json (1.3.4)
    ohai (0.6.12)
      ipaddress
      mixlib-cli
      mixlib-config
      mixlib-log
      systemu
      yajl-ruby
    rake (0.9.2.2)
    rdoc (3.12)
      json (~> 1.4)
    right_aws (3.0.4)
      right_http_connection (>= 1.2.5)
    right_http_connection (1.3.0)
    rspec (2.8.0)
      rspec-core (~> 2.8.0)
      rspec-expectations (~> 2.8.0)
      rspec-mocks (~> 2.8.0)
    rspec-core (2.8.0)
    rspec-expectations (2.8.0)
      diff-lcs (~> 1.1.2)
    rspec-mocks (2.8.0)
    ruby-graphviz (1.0.5)
    simplecov (0.6.2)
      multi_json (~> 1.3)
      simplecov-html (~> 0.5.3)
    simplecov-html (0.5.3)
    slyphon-zookeeper (0.9.3)
    state_machine (1.1.2)
    systemu (2.5.0)
    term-ansicolor (1.0.7)
    thor (0.15.0)
    yajl-ruby (1.1.0)
    yard (0.8.1)
    zk (1.0.0)
      slyphon-zookeeper (~> 0.9.2)
    zk-eventmachine (1.0.0)
      deferred (~> 0.5.3)
      eventmachine (~> 1.0.0.beta.4)
      slyphon-zookeeper (~> 0.9.2)
      zk (~> 1.0.0)

PLATFORMS
  ruby

DEPENDENCIES
  beanstalk-client
  bundler (~> 1.0.0)
  cucumber
  em-jack
  foreman
  jeweler (~> 1.8.3)
  json
  ohai
  rdoc (~> 3.12)
  right_aws
  rspec (~> 2.8.0)
  ruby-graphviz
  simplecov
  state_machine
  thor
  yard (~> 0.7)
  zk-eventmachine (~> 1.0.0)
